PATH
  remote: .
  specs:
    activemessaging (0.13.1)
      activesupport

GEM
  remote: https://rubygems.org/
  specs:
    activesupport (4.2.6)
      i18n (~> 0.7)
      json (~> 1.7, >= 1.7.7)
      minitest (~> 5.1)
      thread_safe (~> 0.3, >= 0.3.4)
      tzinfo (~> 1.1)
    appraisal (2.1.0)
      bundler
      rake
      thor (>= 0.14.0)
    i18n (0.7.0)
    json (1.8.3)
    minitest (5.9.0)
    power_assert (0.3.0)
    rake (11.1.2)
    stomp (1.3.5)
    test-unit (3.1.9)
      power_assert
    thor (0.19.1)
    thread_safe (0.3.5)
    tzinfo (1.2.2)
      thread_safe (~> 0.1)

PLATFORMS
  ruby

DEPENDENCIES
  activemessaging!
  appraisal (~> 2.1.0)
  bundler
  jruby-activemq
  rake
  stomp
  test-unit
